GEM
  remote: http://rubygems.org/
  specs:
    jstdutil (0.3.12)
      rake
      watchr
    rake (0.9.2.2)
    watchr (0.7)

PLATFORMS
  ruby

DEPENDENCIES
  jstdutil
